GEM
  remote: https://rubygems.org/
  specs:
    activesupport (4.2.1)
      i18n (~> 0.7)
      json (~> 1.7, >= 1.7.7)
      minitest (~> 5.1)
      thread_safe (~> 0.3, >= 0.3.4)
      tzinfo (~> 1.1)
    hoe (3.13.1)
      rake (>= 0.8, < 11.0)
    i18n (0.7.0)
    json (1.8.2)
    minitest (5.5.1)
    rake (10.4.2)
    rubystats (0.2.3)
      hoe (>= 1.7.0)
    thread_safe (0.3.5)
    tzinfo (1.2.2)
      thread_safe (~> 0.1)

PLATFORMS
  ruby

DEPENDENCIES
  activesupport
  rubystats
